PATH
  remote: .
  specs:
    dogstatsd-ruby (1.1.0)

GEM
  remote: https://rubygems.org/
  specs:
    git (1.2.5)
    jeweler (1.8.3)
      bundler (~> 1.0)
      git (>= 1.2.5)
      rake
      rdoc
    json (1.7.3)
    minitest (3.1.0)
    multi_json (1.3.6)
    rake (0.9.2.2)
    rdoc (3.12)
      json (~> 1.4)
    simplecov (0.6.4)
      multi_json (~> 1.0)
      simplecov-html (~> 0.5.3)
    simplecov-html (0.5.3)
    yard (0.6.8)

PLATFORMS
  ruby

DEPENDENCIES
  dogstatsd-ruby!
  jeweler (~> 1.8)
  minitest
  simplecov
  yard (~> 0.6.0)
